PATH
  remote: .
  specs:
    git_spelunk (0.5.3)
      curses
      dispel
      rugged

GEM
  remote: https://rubygems.org/
  specs:
    byebug (11.1.3)
    curses (1.4.4)
    dispel (0.1.0)
      curses
    minitest (5.17.0)
    minitest-rg (5.2.0)
      minitest (~> 5.0)
    rake (13.0.6)
    rugged (1.5.0.1)

PLATFORMS
  arm64-darwin-21

DEPENDENCIES
  byebug
  git_spelunk!
  minitest
  minitest-rg
  rake

BUNDLED WITH
   2.4.2
