PATH
  remote: .
  specs:
    git_spelunk (0.4.1)
      byebug
      curses
      dispel
      grit
      rugged

GEM
  remote: https://rubygems.org/
  specs:
    bump (0.5.2)
    byebug (5.0.0)
      columnize (= 0.9.0)
    columnize (0.9.0)
    curses (1.2.7)
    debugger (1.6.8)
      columnize (>= 0.3.1)
      debugger-linecache (~> 1.2.0)
      debugger-ruby_core_source (~> 1.3.5)
    debugger-linecache (1.2.0)
    debugger-ruby_core_source (1.3.8)
    diff-lcs (1.3)
    dispel (0.1.0)
      curses
    grit (2.5.0)
      diff-lcs (~> 1.1)
      mime-types (~> 1.15)
      posix-spawn (~> 0.3.6)
    mime-types (1.25.1)
    minitest (5.6.1)
    minitest-rg (5.1.0)
      minitest (~> 5.0)
    posix-spawn (0.3.13)
    rake (10.4.2)
    rugged (0.28.1)

PLATFORMS
  ruby

DEPENDENCIES
  bump
  byebug
  debugger
  git_spelunk!
  minitest
  minitest-rg
  rake

BUNDLED WITH
   1.16.1
